{
	"Modality": "MR",
	"MagneticFieldStrength": 7,
	"ImagingFrequency": 297.189,
	"Manufacturer": "Siemens",
	"ManufacturersModelName": "Investigational_Device_7T",
	"InstitutionName": "MGH Terra pTx Bay2",
	"InstitutionalDepartmentName": "Department",
	"InstitutionAddress": "13th St 149,Charlestown,MA,US,02129",
	"DeviceSerialNumber": "79021",
	"StationName": "BAY2OCB",
	"BodyPartExamined": "CSPINE",
	"PatientPosition": "HFS",
	"ProcedureStepDescription": "BARRY^RF_Shim_Test",
	"SoftwareVersions": "syngo MR E12",
	"MRAcquisitionType": "2D",
	"SeriesDescription": "gre2d_06mm_FOV230_70sli_VolSpec_ND",
	"ProtocolName": "gre2d_06mm_FOV230_70sli_VolSpec",
	"ScanningSequence": "GR",
	"SequenceVariant": "SP\\OSP",
	"SequenceName": "*fl2d1",
	"ImageType": ["ORIGINAL", "PRIMARY", "M", "ND"],
	"SeriesNumber": 21,
	"AcquisitionTime": "09:48:30.510000",
	"AcquisitionNumber": 1,
	"SliceThickness": 3,
	"SpacingBetweenSlices": 3,
	"SAR": 0.0581873,
	"EchoTime": 0.00287,
	"RepetitionTime": 0.837,
	"FlipAngle": 15,
	"PartialFourier": 1,
	"BaseResolution": 392,
	"ShimSetting": [
		3732,
		-7351,
		-5031,
		-2659,
		-744,
		4016,
		-46,
		155	],
	"TxRefAmp": 450,
	"PhaseResolution": 1,
	"ReceiveCoilName": "NEUROPOLY_SPINE7T",
	"ReceiveCoilActiveElements": "1H;1H;1H;1H;1H;1H;1H;1H;1H;1H;1H;1H;1H;1H;1H;1H;1H;1H;1H;1H",
	"PulseSequenceDetails": "%SiemensSeq%\\gre",
	"RefLinesPE": 24,
	"CoilCombinationMethod": "Adaptive Combine",
	"ConsistencyInfo": "N4_VE12U_LATEST_20181126",
	"MatrixCoilMode": "GRAPPA",
	"PercentPhaseFOV": 97.9592,
	"PercentSampling": 100,
	"PhaseEncodingSteps": 385,
	"AcquisitionMatrixPE": 384,
	"ReconMatrixPE": 384,
	"ParallelReductionFactorInPlane": 2,
	"PixelBandwidth": 320,
	"DwellTime": 4e-06,
	"PhaseEncodingDirection": "j-",
	"SliceTiming": [
		0.41406,
		0,
		0.42969,
		0.00781,
		0.4375,
		0.02344,
		0.45312,
		0.03125,
		0.46094,
		0.04688,
		0.47656,
		0.0625,
		0.49219,
		0.07031,
		0.5,
		0.07812,
		0.51562,
		0.09375,
		0.52344,
		0.10938,
		0.53906,
		0.11719,
		0.54688,
		0.13281,
		0.5625,
		0.14062,
		0.57031,
		0.15625,
		0.58594,
		0.16406,
		0.59375,
		0.17969,
		0.60938,
		0.1875,
		0.625,
		0.20312,
		0.63281,
		0.21094,
		0.64062,
		0.22656,
		0.65625,
		0.24219,
		0.67188,
		0.25,
		0.67969,
		0.25781,
		0.6875,
		0.27344,
		0.70312,
		0.28906,
		0.71875,
		0.29688,
		0.72656,
		0.3125,
		0.74219,
		0.32031,
		0.75,
		0.33594,
		0.76562,
		0.34375,
		0.77344,
		0.35938,
		0.78906,
		0.36719,
		0.79688,
		0.38281,
		0.8125,
		0.39062,
		0.82031,
		0.40625	],
	"ImageOrientationPatientDICOM": [
		1,
		0,
		0,
		0,
		0.977416,
		0.211325	],
	"ImageOrientationText": "Tra>Cor(12.2)",
	"InPlanePhaseEncodingDirectionDICOM": "COL",
	"ConversionSoftware": "dcm2niix",
	"ConversionSoftwareVersion": "v1.0.20211006"
}
