{
	"Modality": "MR",
	"MagneticFieldStrength": 7,
	"ImagingFrequency": 297.189,
	"Manufacturer": "Siemens",
	"ManufacturersModelName": "Investigational_Device_7T",
	"InstitutionName": "MGH Terra pTx Bay2",
	"InstitutionalDepartmentName": "Department",
	"InstitutionAddress": "13th St 149,Charlestown,MA,US,02129",
	"DeviceSerialNumber": "79021",
	"StationName": "BAY2OCB",
	"BodyPartExamined": "CSPINE",
	"PatientPosition": "HFS",
	"ProcedureStepDescription": "BARRY^RF_Shim_Test",
	"SoftwareVersions": "syngo MR E12",
	"MRAcquisitionType": "2D",
	"SeriesDescription": "gre2d_06mm_FOV230_70sli_target20_ND",
	"ProtocolName": "gre2d_06mm_FOV230_70sli_target20",
	"ScanningSequence": "GR",
	"SequenceVariant": "SP\\OSP",
	"SequenceName": "*fl2d1",
	"ImageType": ["ORIGINAL", "PRIMARY", "M", "ND"],
	"SeriesNumber": 41,
	"AcquisitionTime": "11:45:22.162500",
	"AcquisitionNumber": 1,
	"SliceThickness": 3,
	"SpacingBetweenSlices": 3,
	"SAR": 0.070337,
	"EchoTime": 0.00287,
	"RepetitionTime": 0.837,
	"FlipAngle": 15,
	"PartialFourier": 1,
	"BaseResolution": 392,
	"ShimSetting": [
		3471,
		-7638,
		-5013,
		-2201,
		-271,
		2938,
		-767,
		1412	],
	"TxRefAmp": 587,
	"PhaseResolution": 1,
	"ReceiveCoilName": "NEUROPOLY_SPINE7T",
	"ReceiveCoilActiveElements": "1H;1H;1H;1H;1H;1H;1H;1H;1H;1H;1H;1H;1H;1H;1H;1H;1H;1H;1H;1H",
	"PulseSequenceDetails": "%SiemensSeq%\\gre",
	"RefLinesPE": 24,
	"CoilCombinationMethod": "Adaptive Combine",
	"ConsistencyInfo": "N4_VE12U_LATEST_20181126",
	"MatrixCoilMode": "GRAPPA",
	"PercentPhaseFOV": 97.9592,
	"PercentSampling": 100,
	"PhaseEncodingSteps": 385,
	"AcquisitionMatrixPE": 384,
	"ReconMatrixPE": 384,
	"ParallelReductionFactorInPlane": 2,
	"PixelBandwidth": 320,
	"DwellTime": 4e-06,
	"PhaseEncodingDirection": "j-",
	"SliceTiming": [
		0.42188,
		0,
		0.42969,
		0.01562,
		0.44531,
		0.02344,
		0.45312,
		0.03906,
		0.46875,
		0.04688,
		0.47656,
		0.0625,
		0.49219,
		0.07031,
		0.5,
		0.08594,
		0.51562,
		0.10156,
		0.53125,
		0.10938,
		0.53906,
		0.11719,
		0.54688,
		0.13281,
		0.5625,
		0.14844,
		0.57812,
		0.15625,
		0.58594,
		0.16406,
		0.60156,
		0.17969,
		0.60938,
		0.19531,
		0.625,
		0.20312,
		0.63281,
		0.21875,
		0.64844,
		0.22656,
		0.65625,
		0.24219,
		0.67188,
		0.25,
		0.67969,
		0.26562,
		0.69531,
		0.27344,
		0.71094,
		0.28906,
		0.71875,
		0.29688,
		0.72656,
		0.3125,
		0.74219,
		0.32812,
		0.75781,
		0.33594,
		0.76562,
		0.35156,
		0.78125,
		0.35938,
		0.78906,
		0.375,
		0.80469,
		0.38281,
		0.8125,
		0.39844,
		0.82812,
		0.40625	],
	"ImageOrientationPatientDICOM": [
		1,
		0,
		0,
		0,
		0.993572,
		0.113203	],
	"ImageOrientationText": "Tra>Cor(6.5)",
	"InPlanePhaseEncodingDirectionDICOM": "COL",
	"ConversionSoftware": "dcm2niix",
	"ConversionSoftwareVersion": "v1.0.20211006"
}
