{
	"Modality": "MR",
	"MagneticFieldStrength": 7,
	"ImagingFrequency": 297.188,
	"Manufacturer": "Siemens",
	"ManufacturersModelName": "Investigational_Device_7T",
	"InstitutionName": "MGH Terra pTx Bay2",
	"InstitutionalDepartmentName": "Department",
	"InstitutionAddress": "13th St 149,Charlestown,MA,US,02129",
	"DeviceSerialNumber": "79021",
	"StationName": "BAY2OCB",
	"BodyPartExamined": "CSPINE",
	"PatientPosition": "HFS",
	"ProcedureStepDescription": "BARRY^RF_Shim_Test",
	"SoftwareVersions": "syngo MR E12",
	"MRAcquisitionType": "2D",
	"SeriesDescription": "tfl_b1map_2x2x3_noshim_ND",
	"ProtocolName": "tfl_b1map_2x2x3_noshim",
	"ScanningSequence": "GR",
	"SequenceVariant": "SK\\SP",
	"SequenceName": "tfl2d1_512",
	"ImageType": ["ORIGINAL", "PRIMARY", "FLIP ANGLE MAP", "ND"],
	"SeriesNumber": 8,
	"AcquisitionTime": "12:16:33.480000",
	"AcquisitionNumber": 1,
	"ImageComments": "flip angle map, TraRefAmpl: 480.0 V",
	"SliceThickness": 3,
	"SpacingBetweenSlices": 3.6,
	"SAR": 0.0273583,
	"EchoTime": 0.00169,
	"RepetitionTime": 34.42,
	"SpoilingState": true,
	"FlipAngle": 90,
	"PartialFourier": 1,
	"BaseResolution": 192,
	"ShimSetting": [
		3739,
		-7508,
		-6246,
		-553,
		-182,
		6221,
		33,
		-86	],
	"TxRefAmp": 480,
	"PhaseResolution": 1,
	"ReceiveCoilName": "NEUROPOLY_SPINE7T",
	"ReceiveCoilActiveElements": "1H;1H;1H;1H;1H;1H;1H;1H;1H;1H;1H;1H;1H;1H;1H;1H;1H;1H;1H;1H",
	"PulseSequenceDetails": "%SiemensSeq%\\tfl_b1map",
	"CoilCombinationMethod": "Sum of Squares",
	"ConsistencyInfo": "N4_VE12U_LATEST_20181126",
	"MatrixCoilMode": "SENSE",
	"PercentPhaseFOV": 62.5,
	"PercentSampling": 100,
	"PhaseEncodingSteps": 120,
	"AcquisitionMatrixPE": 120,
	"ReconMatrixPE": 120,
	"PixelBandwidth": 1530,
	"DwellTime": 1.7e-06,
	"PhaseEncodingDirection": "i",
	"SliceTiming": [
		17.2656,
		0,
		18.5,
		1.23438,
		19.7344,
		2.46875,
		20.9688,
		3.69531,
		22.2031,
		4.9375,
		23.4375,
		6.16406,
		24.6719,
		7.39844,
		25.8984,
		8.63281,
		27.1328,
		9.86719,
		28.3672,
		11.1016,
		29.6016,
		12.3359,
		30.8359,
		13.5703,
		32.0703,
		14.8047,
		33.3047,
		16.0312	],
	"ImageOrientationPatientDICOM": [
		0,
		1,
		0,
		0,
		0,
		-1	],
	"ImageOrientationText": "Sag",
	"InPlanePhaseEncodingDirectionDICOM": "ROW",
	"ConversionSoftware": "dcm2niix",
	"ConversionSoftwareVersion": "v1.0.20211006"
}
