{
	"Modality": "MR",
	"MagneticFieldStrength": 7,
	"ImagingFrequency": 297.185,
	"Manufacturer": "Siemens",
	"ManufacturersModelName": "Investigational_Device_7T",
	"InstitutionName": "BIC",
	"InstitutionalDepartmentName": "Department",
	"InstitutionAddress": "Street StreetNo,City,District,CA,ZIP",
	"DeviceSerialNumber": "79017",
	"StationName": "AWP79017",
	"BodyPartExamined": "CSPINE",
	"PatientPosition": "HFS",
	"ProcedureStepDescription": "Development^Dr. Cohen-Adad",
	"SoftwareVersions": "syngo MR E12",
	"MRAcquisitionType": "2D",
	"SeriesDescription": "gre2d_06mm_FOV230_70sli_SAReff_523V_ND",
	"ProtocolName": "gre2d_06mm_FOV230_70sli_SAReff_523V",
	"ScanningSequence": "GR",
	"SequenceVariant": "SP\\OSP",
	"SequenceName": "*fl2d1",
	"ImageType": ["ORIGINAL", "PRIMARY", "M", "ND"],
	"NonlinearGradientCorrection": false,
	"SeriesNumber": 49,
	"AcquisitionTime": "09:26:11.572500",
	"AcquisitionNumber": 1,
	"SliceThickness": 3,
	"SpacingBetweenSlices": 3,
	"SAR": 0.033556,
	"EchoTime": 0.00287,
	"RepetitionTime": 0.837,
	"FlipAngle": 15,
	"PartialFourier": 1,
	"BaseResolution": 392,
	"ShimSetting": [
		125,
		-542,
		-1156,
		-1529,
		376,
		2170,
		746,
		208	],
	"TxRefAmp": 523.6,
	"PhaseResolution": 1,
	"ReceiveCoilName": "NP11_ACDC_SPINE",
	"ReceiveCoilActiveElements": "1H;1H;1H;1H;1H;1H;1H;1H;1H;1H;1H;1H;1H;1H;1H;1H;1H;1H;1H;1H",
	"PulseSequenceDetails": "%SiemensSeq%\\gre",
	"RefLinesPE": 24,
	"CoilCombinationMethod": "Adaptive Combine",
	"ConsistencyInfo": "N4_VE12U_LATEST_20181126",
	"MatrixCoilMode": "GRAPPA",
	"PercentPhaseFOV": 97.9592,
	"PercentSampling": 100,
	"PhaseEncodingSteps": 385,
	"AcquisitionMatrixPE": 384,
	"ReconMatrixPE": 384,
	"ParallelReductionFactorInPlane": 2,
	"PixelBandwidth": 320,
	"DwellTime": 4e-06,
	"PhaseEncodingDirection": "j-",
	"SliceTiming": [
		0.41406,
		0,
		0.42969,
		0.00781,
		0.4375,
		0.02344,
		0.45312,
		0.03906,
		0.46875,
		0.04688,
		0.47656,
		0.0625,
		0.49219,
		0.07031,
		0.5,
		0.08594,
		0.51562,
		0.09375,
		0.52344,
		0.10938,
		0.53906,
		0.11719,
		0.54688,
		0.13281,
		0.5625,
		0.14062,
		0.57031,
		0.15625,
		0.58594,
		0.16406,
		0.59375,
		0.17969,
		0.60938,
		0.1875,
		0.625,
		0.20312,
		0.63281,
		0.21094,
		0.64062,
		0.22656,
		0.65625,
		0.24219,
		0.67188,
		0.25,
		0.67969,
		0.25781,
		0.6875,
		0.27344,
		0.70312,
		0.28906,
		0.71875,
		0.29688,
		0.72656,
		0.3125,
		0.74219,
		0.32031,
		0.75,
		0.33594,
		0.76562,
		0.34375,
		0.77344,
		0.35938,
		0.78906,
		0.36719,
		0.79688,
		0.38281,
		0.8125,
		0.39062,
		0.82031,
		0.40625	],
	"ImageOrientationPatientDICOM": [
		1,
		0,
		0,
		0,
		1,
		0	],
	"ImageOrientationText": "Tra",
	"InPlanePhaseEncodingDirectionDICOM": "COL",
	"ConversionSoftware": "dcm2niix",
	"ConversionSoftwareVersion": "v1.0.20220720"
}
