{
	"Modality": "MR",
	"MagneticFieldStrength": 7,
	"ImagingFrequency": 297.189,
	"Manufacturer": "Siemens",
	"ManufacturersModelName": "Investigational_Device_7T",
	"InstitutionName": "MGH Terra pTx Bay2",
	"InstitutionalDepartmentName": "Department",
	"InstitutionAddress": "13th St 149,Charlestown,MA,US,02129",
	"DeviceSerialNumber": "79021",
	"StationName": "BAY2OCB",
	"BodyPartExamined": "CSPINE",
	"PatientPosition": "HFS",
	"ProcedureStepDescription": "BARRY^RF_Shim_Test",
	"SoftwareVersions": "syngo MR E12",
	"MRAcquisitionType": "2D",
	"SeriesDescription": "tfl_b1map_2x2x3_VolSpec_ND",
	"ProtocolName": "tfl_b1map_2x2x3_VolSpec",
	"ScanningSequence": "GR",
	"SequenceVariant": "SK\\SP",
	"SequenceName": "tfl2d1_512",
	"ImageType": ["ORIGINAL", "PRIMARY", "FLIP ANGLE MAP", "ND"],
	"SeriesNumber": 20,
	"AcquisitionTime": "09:47:58.092500",
	"AcquisitionNumber": 1,
	"ImageComments": "flip angle map, TraRefAmpl: 450.0 V",
	"SliceThickness": 3,
	"SpacingBetweenSlices": 3.6,
	"SAR": 0.0489602,
	"EchoTime": 0.00169,
	"RepetitionTime": 34.42,
	"SpoilingState": true,
	"FlipAngle": 77.66,
	"PartialFourier": 1,
	"BaseResolution": 192,
	"ShimSetting": [
		3732,
		-7351,
		-5031,
		-2659,
		-744,
		4016,
		-46,
		155	],
	"TxRefAmp": 450,
	"PhaseResolution": 1,
	"ReceiveCoilName": "NEUROPOLY_SPINE7T",
	"ReceiveCoilActiveElements": "1H;1H;1H;1H;1H;1H;1H;1H;1H;1H;1H;1H;1H;1H;1H;1H;1H;1H;1H;1H",
	"PulseSequenceDetails": "%SiemensSeq%\\tfl_b1map",
	"CoilCombinationMethod": "Sum of Squares",
	"ConsistencyInfo": "N4_VE12U_LATEST_20181126",
	"MatrixCoilMode": "SENSE",
	"PercentPhaseFOV": 62.5,
	"PercentSampling": 100,
	"PhaseEncodingSteps": 120,
	"AcquisitionMatrixPE": 120,
	"ReconMatrixPE": 120,
	"PixelBandwidth": 1530,
	"DwellTime": 1.7e-06,
	"PhaseEncodingDirection": "i",
	"SliceTiming": [
		17.2734,
		0,
		18.5078,
		1.23438,
		19.7422,
		2.46875,
		20.9688,
		3.70312,
		22.2031,
		4.9375,
		23.4375,
		6.17188,
		24.6719,
		7.40625,
		25.9062,
		8.64062,
		27.1406,
		9.86719,
		28.375,
		11.1016,
		29.6094,
		12.3359,
		30.8359,
		13.5703,
		32.0703,
		14.8047,
		33.3047,
		16.0391	],
	"ImageOrientationPatientDICOM": [
		0,
		1,
		0,
		0,
		0,
		-1	],
	"ImageOrientationText": "Sag",
	"InPlanePhaseEncodingDirectionDICOM": "ROW",
	"ConversionSoftware": "dcm2niix",
	"ConversionSoftwareVersion": "v1.0.20211006"
}
