{
	"Modality": "MR",
	"MagneticFieldStrength": 7,
	"ImagingFrequency": 297.186,
	"Manufacturer": "Siemens",
	"ManufacturersModelName": "Investigational_Device_7T",
	"InstitutionName": "BIC",
	"InstitutionalDepartmentName": "Department",
	"InstitutionAddress": "Street StreetNo,City,District,CA,ZIP",
	"DeviceSerialNumber": "79017",
	"StationName": "AWP79017",
	"BodyPartExamined": "CSPINE",
	"PatientPosition": "HFS",
	"ProcedureStepDescription": "Development^Dr. Cohen-Adad",
	"SoftwareVersions": "syngo MR E12",
	"MRAcquisitionType": "2D",
	"SeriesDescription": "tfl_b1map_2x2x3_400V_Target20_ND",
	"ProtocolName": "tfl_b1map_2x2x3_400V_Target20",
	"ScanningSequence": "GR",
	"SequenceVariant": "SK\\SP",
	"SequenceName": "tfl2d1_512",
	"ImageType": ["ORIGINAL", "PRIMARY", "M", "ND"],
	"NonlinearGradientCorrection": false,
	"SeriesNumber": 51,
	"AcquisitionTime": "15:16:37.965000",
	"AcquisitionNumber": 1,
	"ImageComments": "anatomical image",
	"SliceThickness": 3,
	"SpacingBetweenSlices": 3.6,
	"SAR": 0.0282043,
	"EchoTime": 0.00169,
	"RepetitionTime": 34.42,
	"SpoilingState": true,
	"FlipAngle": 10,
	"PartialFourier": 1,
	"BaseResolution": 192,
	"ShimSetting": [
		-112,
		-837,
		-1095,
		-1904,
		-21,
		-80,
		-504,
		856	],
	"TxRefAmp": 566,
	"PhaseResolution": 1,
	"ReceiveCoilName": "NP11_ACDC_SPINE",
	"ReceiveCoilActiveElements": "1H;1H;1H;1H;1H;1H;1H;1H;1H;1H;1H;1H;1H;1H;1H;1H;1H;1H;1H;1H",
	"PulseSequenceDetails": "%SiemensSeq%\\tfl_b1map",
	"CoilCombinationMethod": "Sum of Squares",
	"ConsistencyInfo": "N4_VE12U_LATEST_20181126",
	"MatrixCoilMode": "SENSE",
	"PercentPhaseFOV": 62.5,
	"PercentSampling": 100,
	"PhaseEncodingSteps": 120,
	"AcquisitionMatrixPE": 120,
	"ReconMatrixPE": 120,
	"PixelBandwidth": 1530,
	"DwellTime": 1.7e-06,
	"PhaseEncodingDirection": "i",
	"SliceTiming": [
		17.2812,
		0,
		18.5156,
		1.25,
		19.75,
		2.46875,
		20.9844,
		3.70312,
		22.2031,
		4.9375,
		23.4375,
		6.17188,
		24.6719,
		7.40625,
		25.9062,
		8.64062,
		27.1406,
		9.875,
		28.375,
		11.1094,
		29.6094,
		12.3438,
		30.8438,
		13.5781,
		32.0781,
		14.8125,
		33.3125,
		16.0469	],
	"ImageOrientationPatientDICOM": [
		0,
		1,
		0,
		0,
		0,
		-1	],
	"ImageOrientationText": "Sag",
	"InPlanePhaseEncodingDirectionDICOM": "ROW",
	"ConversionSoftware": "dcm2niix",
	"ConversionSoftwareVersion": "v1.0.20220720"
}
